PATH
  remote: .
  specs:
    xon (0.1.0)

GEM
  remote: https://rubygems.org/
  specs:

PLATFORMS
  ruby

DEPENDENCIES
  xon!

BUNDLED WITH
   2.1.4
